GEM
  remote: https://rubygems.org/
  specs:
    builder (3.2.1)
    daemons (1.1.9)
    eventmachine (1.0.3-x86-mingw32)
    jwt (0.1.8)
      multi_json (>= 1.5)
    multi_json (1.7.4)
    rack (1.5.2)
    rack-protection (1.5.0)
      rack
    sinatra (1.4.2)
      rack (~> 1.5, >= 1.5.2)
      rack-protection (~> 1.4)
      tilt (~> 1.3, >= 1.3.4)
    thin (1.5.1)
      daemons (>= 1.0.9)
      eventmachine (>= 0.12.6)
      rack (>= 1.0.0)
    tilt (1.4.1)
    twilio-ruby (3.9.0)
      builder (>= 2.1.2)
      jwt (>= 0.1.2)
      multi_json (>= 1.3.0)

PLATFORMS
  x86-mingw32

DEPENDENCIES
  sinatra (= 1.4.2)
  thin (= 1.5.1)
  twilio-ruby (= 3.9.0)
