GEM
  remote: https://rubygems.org/
  specs:
    builder (3.2.1)
    daemons (1.1.9)
    eventmachine (1.0.3)
    eventmachine (1.0.3-x86-mingw32)
    json (1.8.0)
    jwt (0.1.8)
      multi_json (>= 1.5)
    multi_json (1.7.4)
    pg (0.15.1)
    pg (0.15.1-x86-mingw32)
    rack (1.5.2)
    rack-protection (1.5.0)
      rack
    sequel (3.48.0)
    sinatra (1.4.2)
      rack (~> 1.5, >= 1.5.2)
      rack-protection (~> 1.4)
      tilt (~> 1.3, >= 1.3.4)
    thin (1.5.1)
      daemons (>= 1.0.9)
      eventmachine (>= 0.12.6)
      rack (>= 1.0.0)
    tilt (1.4.1)
    twilio-ruby (3.9.0)
      builder (>= 2.1.2)
      jwt (>= 0.1.2)
      multi_json (>= 1.3.0)
    tzinfo (0.3.37)
    tzinfo-data (1.2013.3)

PLATFORMS
  ruby
  x86-mingw32

DEPENDENCIES
  json
  pg
  sequel
  sinatra
  thin
  twilio-ruby
  tzinfo
  tzinfo-data
